ObjectType = Image
NDims = 3
BinaryData = True
BinaryDataByteOrderMSB = False
Offset = 0 0 0 
ElementSpacing = 1 1 1 
DimSize = 128 128 128 
ElementNumberOfChannels = 1
ElementType = MET_FLOAT
ElementDataFile = 254_brain.raw
